GIT
  remote: https://github.com/kylewelsby/itunes-library.git
  revision: e4a85d75768b05eaa1597ddbf9c2ec7606fb1642
  specs:
    itunes-library (0.1.0)
      plist

GEM
  remote: https://rubygems.org/
  specs:
    bassnode-ruby-echonest (0.1.3)
      hashie
      httpclient
      libxml-ruby
    coderay (1.0.5)
    hashie (3.3.1)
    httpclient (2.4.0)
    json (1.8.1)
    libxml-ruby (2.7.0)
    method_source (0.7.0)
    mr_eko (0.7.3)
      bassnode-ruby-echonest
      hashie
      httpclient
      json
      ruby-mp3info
      sequel (= 3.15)
      sqlite3-ruby
    plist (3.1.0)
    pry (0.9.8.2)
      coderay (~> 1.0.5)
      method_source (~> 0.7)
      slop (>= 2.4.4, < 3)
    rack (1.4.1)
    rack-protection (1.2.0)
      rack
    redis (2.2.2)
    ruby-mp3info (0.8.5)
    sequel (3.15.0)
    shotgun (0.9)
      rack (>= 1.0)
    sinatra (1.3.2)
      rack (~> 1.3, >= 1.3.6)
      rack-protection (~> 1.2)
      tilt (~> 1.3, >= 1.3.3)
    sinatra-outputbuffer (0.1.0)
      sinatra (>= 1.0.a)
    slop (2.4.4)
    sqlite3 (1.3.9)
    sqlite3-ruby (1.3.3)
      sqlite3 (>= 1.3.3)
    tilt (1.3.3)

PLATFORMS
  ruby

DEPENDENCIES
  bassnode-ruby-echonest
  itunes-library!
  mr_eko (~> 0.7.3)
  pry
  redis
  shotgun
  sinatra
  sinatra-outputbuffer
