GIT
  remote: https://github.com/josh/itunes-library.git
  revision: 5b7989a28aae546cabfabaada66d86d093b21c38
  specs:
    itunes-library (0.1.1)
      plist

GEM
  remote: http://rubygems.org/
  specs:
    archive-tar-minitar (0.5.2)
    bassnode-ruby-echonest (0.1.3)
      hashie
      httpclient
      libxml-ruby
    coderay (1.0.5)
    columnize (0.3.6)
    hashie (1.2.0)
    httpclient (2.2.4)
    id3lib-ruby (0.6.0)
    json (1.4.6)
    libxml-ruby (2.2.2)
    linecache19 (0.5.13)
      ruby_core_source (>= 0.1.4)
    method_source (0.7.0)
    mr_eko (0.4.3)
      bassnode-ruby-echonest
      hashie
      httpclient (~> 2.1)
      id3lib-ruby
      json (= 1.4.6)
      sequel (= 3.15)
      sqlite3-ruby (~> 1.3)
    plist (3.1.0)
    pry (0.9.8.2)
      coderay (~> 1.0.5)
      method_source (~> 0.7)
      slop (>= 2.4.4, < 3)
    rack (1.4.1)
    rack-protection (1.2.0)
      rack
    redis (2.2.2)
    ruby-debug-base19 (0.11.26)
      columnize (>= 0.3.1)
      linecache19 (>= 0.5.11)
      ruby_core_source (>= 0.1.4)
    ruby-debug19 (0.11.6)
      columnize (>= 0.3.1)
      linecache19 (>= 0.5.11)
      ruby-debug-base19 (>= 0.11.19)
    ruby_core_source (0.1.5)
      archive-tar-minitar (>= 0.5.2)
    sequel (3.15.0)
    shotgun (0.9)
      rack (>= 1.0)
    sinatra (1.3.2)
      rack (~> 1.3, >= 1.3.6)
      rack-protection (~> 1.2)
      tilt (~> 1.3, >= 1.3.3)
    sinatra-outputbuffer (0.1.0)
      sinatra (>= 1.0.a)
    slop (2.4.4)
    sqlite3 (1.3.5)
    sqlite3-ruby (1.3.3)
      sqlite3 (>= 1.3.3)
    tilt (1.3.3)

PLATFORMS
  ruby

DEPENDENCIES
  bassnode-ruby-echonest
  itunes-library!
  linecache19 (= 0.5.13)
  mr_eko
  pry
  redis
  ruby-debug-base19 (= 0.11.26)
  ruby-debug19 (= 0.11.6)
  shotgun
  sinatra
  sinatra-outputbuffer
